GEM
  remote: http://rubygems.org/
  specs:
    activesupport (4.0.0)
      i18n (~> 0.6, >= 0.6.4)
      minitest (~> 4.2)
      multi_json (~> 1.3)
      thread_safe (~> 0.1)
      tzinfo (~> 0.3.37)
    backports (3.23.0)
    bond (0.5.1)
    bson (1.11.1)
    bson_ext (1.11.1)
      bson (~> 1.11.1)
    colorize (0.7.3)
    concurrent-ruby (1.1.10)
    i18n (0.9.5)
      concurrent-ruby (~> 1.0)
    minitest (4.7.5)
    mongo (1.11.1)
      bson (= 1.11.1)
    multi_json (1.15.0)
    rack (1.6.13)
    rack-parser (0.6.0)
      rack
    rack-protection (1.5.5)
      rack
    rack-test (0.6.3)
      rack (>= 1.0)
    ripl (0.7.1)
      bond (~> 0.5.1)
    ripl-multi_line (0.3.1)
      ripl (>= 0.3.6)
    ripl-rack (0.2.1)
      rack (>= 1.0)
      rack-test (~> 0.6.2)
      ripl (>= 0.7.0)
    shotgun (0.9)
      rack (>= 1.0)
    sinatra (1.4.5)
      rack (~> 1.4)
      rack-protection (~> 1.4)
      tilt (~> 1.3, >= 1.3.4)
    sinatra-contrib (1.4.2)
      backports (>= 2.0)
      multi_json
      rack-protection
      rack-test
      sinatra (~> 1.4.0)
      tilt (~> 1.3)
    thread_safe (0.3.6)
    tilt (1.4.1)
    tux (0.3.0)
      ripl (>= 0.3.5)
      ripl-multi_line (>= 0.2.4)
      ripl-rack (>= 0.2.0)
      sinatra (>= 1.2.1)
    tzinfo (0.3.61)

PLATFORMS
  x86_64-darwin-18

DEPENDENCIES
  activesupport (= 4.0.0)
  bson_ext (= 1.11.1)
  colorize (= 0.7.3)
  mongo (= 1.11.1)
  rack-parser (= 0.6.0)
  shotgun (= 0.9)
  sinatra (= 1.4.5)
  sinatra-contrib (= 1.4.2)
  tux (= 0.3)

BUNDLED WITH
   2.3.21
